GEM
  remote: https://rubygems.org/
  specs:
    haml (3.1.7)
    rack (1.6.4)
    rack-protection (1.5.3)
      rack
    sass (3.2.1)
    shotgun (0.9)
      rack (>= 1.0)
    sinatra (1.3.5)
      rack (~> 1.4)
      rack-protection (~> 1.3)
      tilt (~> 1.3, >= 1.3.3)
    tilt (1.4.1)

PLATFORMS
  ruby

DEPENDENCIES
  haml
  sass
  shotgun
  sinatra

BUNDLED WITH
   1.12.3
